GEM
  remote: https://rubygems.org/
  specs:
    chunky_png (1.2.8)
    compass (0.11.7)
      chunky_png (~> 1.2)
      fssm (>= 0.2.7)
      sass (~> 3.1)
    fssm (0.2.10)
    grid-coordinates (1.1.9)
      compass (>= 0.11.5)
    haml (3.1.8)
    rack (1.5.2)
    rack-protection (1.5.0)
      rack
    rake (10.1.0)
    sass (3.1.21)
    shotgun (0.9)
      rack (>= 1.0)
    sinatra (1.4.3)
      rack (~> 1.4)
      rack-protection (~> 1.4)
      tilt (~> 1.3, >= 1.3.4)
    tilt (1.4.1)
    yard (0.8.6.2)

PLATFORMS
  ruby

DEPENDENCIES
  grid-coordinates (~> 1.1.4)
  haml
  rake
  shotgun
  sinatra
  yard
