GEM
  remote: https://rubygems.org/
  specs:
    haml (3.1.8)
    rack (1.5.2)
    rack-protection (1.5.0)
      rack
    rake (10.1.0)
    shotgun (0.9)
      rack (>= 1.0)
    sinatra (1.4.3)
      rack (~> 1.4)
      rack-protection (~> 1.4)
      tilt (~> 1.3, >= 1.3.4)
    tilt (1.4.1)
    yard (0.8.6.2)

PLATFORMS
  ruby

DEPENDENCIES
  haml
  rake
  shotgun
  sinatra
  yard

RUBY VERSION
   ruby 3.1.2p20

BUNDLED WITH
   1.17.2
